GIT
  remote: https://github.com/rubymotion/BubbleWrap
  revision: e72f5a4f523aef396af073647f92589e02a82a88
  specs:
    bubble-wrap (1.3.0)

GEM
  remote: https://rubygems.org/
  specs:
    motion_model (0.2.6)
    rake (10.0.4)
    rubymotion_generators (0.1.0)
      thor (~> 0.15)
    thor (0.18.1)

PLATFORMS
  ruby

DEPENDENCIES
  bubble-wrap!
  motion_model
  rake
  rubymotion_generators
